GEM
  remote: https://rubygems.org/
  specs:
    bigdecimal (3.1.9)
    gruff (0.26.0)
      bigdecimal (>= 3.0)
      histogram
      rmagick (>= 5.5)
    histogram (0.2.4.1)
    observer (0.1.2)
    optparse (0.6.0)
    pkg-config (1.6.2)
    rmagick (6.1.1)
      observer (~> 0.1)
      pkg-config (~> 1.4)

PLATFORMS
  arm64-darwin-24

DEPENDENCIES
  gruff
  optparse
  rmagick

BUNDLED WITH
   2.4.10
